GEM
  remote: https://rubygems.org/
  specs:
    activesupport (6.0.3)
      concurrent-ruby (~> 1.0, >= 1.0.2)
      i18n (>= 0.7, < 2)
      minitest (~> 5.1)
      tzinfo (~> 1.1)
      zeitwerk (~> 2.2, >= 2.2.2)
    concurrent-ruby (1.1.6)
    i18n (1.8.2)
      concurrent-ruby (~> 1.0)
    minitest (5.14.0)
    oj (3.10.6)
    parallel (1.19.1)
    thread_safe (0.3.6)
    tzinfo (1.2.7)
      thread_safe (~> 0.1)
    whois (4.1.0)
    whois-parser (1.2.0)
      activesupport (>= 4)
      whois (>= 4.0.7)
    zeitwerk (2.3.0)

PLATFORMS
  ruby

DEPENDENCIES
  oj
  parallel
  whois (~> 4.0)
  whois-parser

BUNDLED WITH
   1.17.2
